GEM
  remote: https://rubygems.org/
  specs:
    addressable (2.4.0)
    backports (3.6.8)
    clearbit (0.2.6)
      nestful (~> 1.1.0)
    contest (0.1.3)
    crack (0.4.3)
      safe_yaml (~> 1.0.0)
    daemons (1.2.4)
    diff-lcs (1.2.5)
    dotenv (0.9.0)
    eventmachine (1.2.0.1)
    foreman (0.63.0)
      dotenv (>= 0.7)
      thor (>= 0.13.6)
    hashdiff (0.3.0)
    multi_json (1.12.1)
    nestful (1.1.1)
    plaid (2.0.0)
      multi_json (~> 1.0)
    power_assert (0.3.1)
    rack (1.6.4)
    rack-protection (1.5.3)
      rack
    rack-test (0.6.3)
      rack (>= 1.0)
    rack_csrf (2.4.0)
      rack (>= 0.9)
    rake (10.1.1)
    rspec (3.5.0)
      rspec-core (~> 3.5.0)
      rspec-expectations (~> 3.5.0)
      rspec-mocks (~> 3.5.0)
    rspec-core (3.5.4)
      rspec-support (~> 3.5.0)
    rspec-expectations (3.5.0)
      diff-lcs (>= 1.2.0, < 2.0)
      rspec-support (~> 3.5.0)
    rspec-mocks (3.5.0)
      diff-lcs (>= 1.2.0, < 2.0)
      rspec-support (~> 3.5.0)
    rspec-support (3.5.0)
    safe_yaml (1.0.4)
    sinatra (1.4.7)
      rack (~> 1.5)
      rack-protection (~> 1.4)
      tilt (>= 1.3, < 3)
    sinatra-contrib (1.4.7)
      backports (>= 2.0)
      multi_json
      rack-protection
      rack-test
      sinatra (~> 1.4.0)
      tilt (>= 1.3, < 3)
    sinatra-reloader (1.0)
      sinatra-contrib
    test-unit (3.2.1)
      power_assert
    thin (1.5.1)
      daemons (>= 1.0.9)
      eventmachine (>= 0.12.6)
      rack (>= 1.0.0)
    thor (0.19.1)
    tilt (2.0.5)
    vcr (3.0.3)
    webmock (2.1.0)
      addressable (>= 2.3.6)
      crack (>= 0.3.2)
      hashdiff

PLATFORMS
  ruby

DEPENDENCIES
  clearbit
  contest (~> 0.1.3)
  dotenv (~> 0.9.0)
  foreman (~> 0.63.0)
  plaid
  rack-test
  rack_csrf (~> 2.4.0)
  rake (~> 10.1.0)
  rspec
  sinatra (~> 1.4.3)
  sinatra-reloader (~> 1.0)
  test-unit
  thin (~> 1.5.1)
  vcr
  webmock

BUNDLED WITH
   1.13.2
